PATH
  remote: .
  specs:
    braintree (2.11.0)
      builder (>= 2.0.0)
      libxml-ruby (>= 1.1.3)

GEM
  remote: http://rubygems.org/
  specs:
    builder (3.0.0)
    libxml-ruby (2.2.2)
    rspec (1.2.9)

PLATFORMS
  ruby

DEPENDENCIES
  braintree!
  rspec (~> 1.2.9)
